GIT
  remote: https://github.com/kevinhughes27/kaminari-sinatra
  revision: 2e7eb2771f921eaf75aab9dd21bf465876be3404
  ref: 2e7eb2771f921eaf75aab9dd21bf465876be3404
  specs:
    kaminari-sinatra (1.0.1)
      actionview
      kaminari-core (~> 1.0)
      padrino-helpers
      sinatra

GEM
  remote: https://rubygems.org/
  specs:
    Ascii85 (1.0.3)
    actionview (5.2.3)
      activesupport (= 5.2.3)
      builder (~> 3.1)
      erubi (~> 1.4)
      rails-dom-testing (~> 2.0)
      rails-html-sanitizer (~> 1.0, >= 1.0.3)
    activemodel (5.2.3)
      activesupport (= 5.2.3)
    activemodel-serializers-xml (1.0.2)
      activemodel (> 5.x)
      activesupport (> 5.x)
      builder (~> 3.1)
    activerecord (5.2.3)
      activemodel (= 5.2.3)
      activesupport (= 5.2.3)
      arel (>= 9.0)
    activeresource (5.1.1)
      activemodel (>= 5.0, < 7)
      activemodel-serializers-xml (~> 1.0)
      activesupport (>= 5.0, < 7)
    activesupport (5.2.3)
      concurrent-ruby (~> 1.0, >= 1.0.2)
      i18n (>= 0.7, < 2)
      minitest (~> 5.1)
      tzinfo (~> 1.1)
    addressable (2.8.0)
      public_suffix (>= 2.0.2, < 5.0)
    afm (0.2.2)
    arel (9.0.0)
    attr_encrypted (3.1.0)
      encryptor (~> 3.0.0)
    bugsnag (6.24.2)
      concurrent-ruby (~> 1.0)
    builder (3.2.4)
    byebug (11.1.3)
    coderay (1.1.3)
    concurrent-ruby (1.1.10)
    connection_pool (2.2.5)
    crass (1.0.6)
    database_cleaner (2.0.1)
      database_cleaner-active_record (~> 2.0.0)
    database_cleaner-active_record (2.0.0)
      activerecord (>= 5.a)
      database_cleaner-core (~> 2.0.0)
    database_cleaner-core (2.0.1)
    encryptor (3.0.0)
    erubi (1.8.0)
    fakeweb (1.3.0)
    faraday (2.6.0)
      faraday-net_http (>= 2.0, < 3.1)
      ruby2_keywords (>= 0.0.4)
    faraday-net_http (3.0.1)
    graphql (2.0.14)
    graphql-client (0.18.0)
      activesupport (>= 3.0)
      graphql
    hashery (2.1.2)
    hashie (5.0.0)
    i18n (0.9.5)
      concurrent-ruby (~> 1.0)
    jwt (2.5.0)
    kaminari-activerecord (1.2.1)
      activerecord
      kaminari-core (= 1.2.1)
    kaminari-core (1.2.1)
    launchy (2.4.3)
      addressable (~> 2.3)
    letter_opener (1.7.0)
      launchy (~> 2.2)
    liquid (5.0.1)
    loofah (2.18.0)
      crass (~> 1.0.2)
      nokogiri (>= 1.5.9)
    mail (2.7.1)
      mini_mime (>= 0.1.1)
    method_source (1.0.0)
    mini_mime (1.0.1)
    mini_portile2 (2.8.0)
    minitest (5.14.3)
    mocha (1.13.0)
    multi_json (1.15.0)
    multi_xml (0.6.0)
    mustermann (1.1.1)
      ruby2_keywords (~> 0.0.1)
    nio4r (2.5.8)
    nokogiri (1.13.9)
      mini_portile2 (~> 2.8.0)
      racc (~> 1.4)
    oauth2 (2.0.9)
      faraday (>= 0.17.3, < 3.0)
      jwt (>= 1.0, < 3.0)
      multi_xml (~> 0.5)
      rack (>= 1.2, < 4)
      snaky_hash (~> 2.0)
      version_gem (~> 1.1)
    omniauth (2.1.0)
      hashie (>= 3.4.6)
      rack (>= 2.2.3)
      rack-protection
    omniauth-oauth2 (1.8.0)
      oauth2 (>= 1.4, < 3)
      omniauth (~> 2.0)
    omniauth-shopify-oauth2 (2.3.2)
      activesupport
      omniauth-oauth2 (~> 1.5)
    padrino-helpers (0.14.3)
      i18n (~> 0.6, >= 0.6.7)
      padrino-support (= 0.14.3)
      tilt (>= 1.4.1, < 3)
    padrino-support (0.14.3)
    pdf-inspector (1.3.0)
      pdf-reader (>= 1.0, < 3.0.a)
    pdf-reader (2.2.0)
      Ascii85 (~> 1.0.0)
      afm (~> 0.2.1)
      hashery (~> 2.0)
      ruby-rc4
      ttfunk
    pg (1.2.3)
    pony (1.13.1)
      mail (>= 2.0)
    pry (0.14.1)
      coderay (~> 1.1)
      method_source (~> 1.0)
    public_suffix (4.0.6)
    puma (5.6.4)
      nio4r (~> 2.0)
    racc (1.6.0)
    rack (2.2.4)
    rack-protection (2.2.0)
      rack
    rack-test (2.0.2)
      rack (>= 1.3)
    rails-dom-testing (2.0.3)
      activesupport (>= 4.2.0)
      nokogiri (>= 1.6)
    rails-html-sanitizer (1.4.3)
      loofah (~> 2.3)
    rake (13.0.6)
    redis (5.0.5)
      redis-client (>= 0.9.0)
    redis-client (0.11.2)
      connection_pool
    ruby-rc4 (0.1.5)
    ruby2_keywords (0.0.5)
    shopify-sinatra-app (1.1.0)
      activesupport
      attr_encrypted (~> 3.1.0)
      omniauth (>= 2.0.4)
      omniauth-shopify-oauth2 (>= 2.3.2)
      shopify_api (>= 7.0.1, < 9.6)
      sinatra (~> 2.2.0)
      sinatra-activerecord (~> 2.0.9)
    shopify_api (9.5.1)
      activeresource (>= 4.1.0)
      graphql-client
      rack
    sidekiq (6.4.0)
      connection_pool (>= 2.2.2)
      rack (~> 2.0)
      redis (>= 4.2.0)
    sinatra (2.2.0)
      mustermann (~> 1.0)
      rack (~> 2.2)
      rack-protection (= 2.2.0)
      tilt (~> 2.0)
    sinatra-activerecord (2.0.25)
      activerecord (>= 4.1)
      sinatra (>= 1.0)
    sinatra-contrib (2.2.0)
      multi_json
      mustermann (~> 1.0)
      rack-protection (= 2.2.0)
      sinatra (= 2.2.0)
      tilt (~> 2.0)
    sinatra-flash (0.3.0)
      sinatra (>= 1.0.0)
    snaky_hash (2.0.1)
      hashie
      version_gem (~> 1.1, >= 1.1.1)
    sqlite3 (1.5.4)
      mini_portile2 (~> 2.8.0)
    thread_safe (0.3.6)
    tilt (2.0.10)
    ttfunk (1.5.1)
    tzinfo (1.2.10)
      thread_safe (~> 0.1)
    version_gem (1.1.1)
    wicked_pdf (2.6.3)
      activesupport
    wkhtmltopdf-binary (0.12.6.5)
    wkhtmltopdf-heroku (2.12.6.0)

PLATFORMS
  ruby

DEPENDENCIES
  activerecord (= 5.2.3)
  bugsnag (~> 6.24)
  byebug
  database_cleaner
  fakeweb
  kaminari-activerecord
  kaminari-sinatra!
  letter_opener
  liquid
  mocha
  pdf-inspector
  pg
  pony
  pry
  puma
  rack-test
  rake
  redis
  shopify-sinatra-app (~> 1.1.0)
  sidekiq
  sinatra (~> 2.2.0)
  sinatra-contrib (~> 2.2.0)
  sinatra-flash
  sqlite3
  wicked_pdf (~> 2.6.3)
  wkhtmltopdf-binary (= 0.12.6.5)
  wkhtmltopdf-heroku (= 2.12.6.0)

RUBY VERSION
   ruby 2.6.6p146

BUNDLED WITH
   2.2.8
