GIT
  remote: https://github.com/kevinhughes27/kaminari-sinatra
  revision: 2e7eb2771f921eaf75aab9dd21bf465876be3404
  ref: 2e7eb2771f921eaf75aab9dd21bf465876be3404
  specs:
    kaminari-sinatra (1.0.1)
      actionview
      kaminari-core (~> 1.0)
      padrino-helpers
      sinatra

GEM
  remote: https://rubygems.org/
  specs:
    actionview (5.1.5)
      activesupport (= 5.1.5)
      builder (~> 3.1)
      erubi (~> 1.4)
      rails-dom-testing (~> 2.0)
      rails-html-sanitizer (~> 1.0, >= 1.0.3)
    activemodel (5.1.5)
      activesupport (= 5.1.5)
    activemodel-serializers-xml (1.0.2)
      activemodel (> 5.x)
      activesupport (> 5.x)
      builder (~> 3.1)
    activerecord (5.1.5)
      activemodel (= 5.1.5)
      activesupport (= 5.1.5)
      arel (~> 8.0)
    activeresource (5.0.0)
      activemodel (>= 5.0, < 6)
      activemodel-serializers-xml (~> 1.0)
      activesupport (>= 5.0, < 6)
    activesupport (5.1.5)
      concurrent-ruby (~> 1.0, >= 1.0.2)
      i18n (~> 0.7)
      minitest (~> 5.1)
      tzinfo (~> 1.1)
    addressable (2.5.2)
      public_suffix (>= 2.0.2, < 4.0)
    arel (8.0.0)
    attr_encrypted (3.1.0)
      encryptor (~> 3.0.0)
    backports (3.11.3)
    builder (3.2.3)
    byebug (10.0.0)
    coderay (1.1.2)
    concurrent-ruby (1.0.5)
    crass (1.0.4)
    encryptor (3.0.0)
    erubi (1.7.1)
    fakeweb (1.3.0)
    faraday (0.12.2)
      multipart-post (>= 1.2, < 3)
    foreman (0.84.0)
      thor (~> 0.19.1)
    hashie (3.5.7)
    httparty (0.16.0)
      multi_xml (>= 0.5.2)
    i18n (0.9.5)
      concurrent-ruby (~> 1.0)
    json (2.1.0)
    jwt (1.5.6)
    kaminari-activerecord (1.1.1)
      activerecord
      kaminari-core (= 1.1.1)
    kaminari-core (1.1.1)
    launchy (2.4.3)
      addressable (~> 2.3)
    letter_opener (1.6.0)
      launchy (~> 2.2)
    liquid (4.0.0)
    loofah (2.2.2)
      crass (~> 1.0.2)
      nokogiri (>= 1.5.9)
    mail (2.7.0)
      mini_mime (>= 0.1.1)
    metaclass (0.0.4)
    method_source (0.9.0)
    mini_mime (1.0.0)
    mini_portile2 (2.3.0)
    minitest (5.11.3)
    mocha (1.3.0)
      metaclass (~> 0.0.1)
    mono_logger (1.1.0)
    multi_json (1.13.1)
    multi_xml (0.6.0)
    multipart-post (2.0.0)
    mustermann (1.0.2)
    nokogiri (1.8.2)
      mini_portile2 (~> 2.3.0)
    oauth2 (1.4.0)
      faraday (>= 0.8, < 0.13)
      jwt (~> 1.0)
      multi_json (~> 1.3)
      multi_xml (~> 0.5)
      rack (>= 1.2, < 3)
    omniauth (1.8.1)
      hashie (>= 3.4.6, < 3.6.0)
      rack (>= 1.6.2, < 3)
    omniauth-oauth2 (1.5.0)
      oauth2 (~> 1.1)
      omniauth (~> 1.2)
    omniauth-shopify-oauth2 (1.2.1)
      omniauth-oauth2 (~> 1.5.0)
    padrino-helpers (0.14.3)
      i18n (~> 0.6, >= 0.6.7)
      padrino-support (= 0.14.3)
      tilt (>= 1.4.1, < 3)
    padrino-support (0.14.3)
    pg (1.0.0)
    pony (1.12)
      mail (>= 2.0)
    pry (0.11.3)
      coderay (~> 1.1.0)
      method_source (~> 0.9.0)
    public_suffix (3.0.2)
    rack (2.0.5)
    rack-flash3 (1.0.5)
      rack
    rack-protection (2.0.1)
      rack
    rack-test (0.8.3)
      rack (>= 1.0, < 3)
    rails-dom-testing (2.0.3)
      activesupport (>= 4.2.0)
      nokogiri (>= 1.6)
    rails-html-sanitizer (1.0.4)
      loofah (~> 2.2, >= 2.2.2)
    rake (12.3.0)
    raygun4ruby (2.7.0)
      concurrent-ruby
      httparty (> 0.13.7)
      json
      rack
    redis (4.0.1)
    redis-namespace (1.6.0)
      redis (>= 3.0.4)
    resque (1.27.4)
      mono_logger (~> 1.0)
      multi_json (~> 1.0)
      redis-namespace (~> 1.3)
      sinatra (>= 0.9.2)
      vegas (~> 0.1.2)
    shopify-sinatra-app (0.4.0)
      activesupport
      attr_encrypted (~> 3.1.0)
      omniauth-shopify-oauth2
      rack-flash3 (~> 1.0.5)
      resque
      shopify_api
      sinatra (~> 2.0.1)
      sinatra-activerecord (~> 2.0.9)
      sinatra-redis (~> 0.3.0)
    shopify_api (4.11.0)
      activeresource (>= 3.0.0)
      rack
    sinatra (2.0.1)
      mustermann (~> 1.0)
      rack (~> 2.0)
      rack-protection (= 2.0.1)
      tilt (~> 2.0)
    sinatra-activerecord (2.0.13)
      activerecord (>= 3.2)
      sinatra (>= 1.0)
    sinatra-contrib (2.0.1)
      backports (>= 2.0)
      multi_json
      mustermann (~> 1.0)
      rack-protection (= 2.0.1)
      sinatra (= 2.0.1)
      tilt (>= 1.3, < 3)
    sinatra-redis (0.3.0)
      redis
      sinatra (>= 0.9.4)
    sqlite3 (1.3.13)
    thor (0.19.4)
    thread_safe (0.3.6)
    tilt (2.0.8)
    tzinfo (1.2.5)
      thread_safe (~> 0.1)
    vegas (0.1.11)
      rack (>= 1.0.0)
    wicked_pdf (1.1.0)
    wkhtmltopdf-binary (0.12.3.1)
    wkhtmltopdf-heroku (2.12.4.0)

PLATFORMS
  ruby

DEPENDENCIES
  byebug
  fakeweb
  foreman
  kaminari-activerecord
  kaminari-sinatra!
  letter_opener
  liquid
  mocha
  pg
  pony
  pry
  rack-test
  rake
  raygun4ruby
  shopify-sinatra-app (~> 0.4.0)
  sinatra-contrib
  sqlite3
  wicked_pdf
  wkhtmltopdf-binary
  wkhtmltopdf-heroku

RUBY VERSION
   ruby 2.5.0p0

BUNDLED WITH
   1.16.1
